GEM
  remote: https://rubygems.org/
  specs:
    CFPropertyList (2.3.2)
    activesupport (4.2.5.rc2)
      i18n (~> 0.7)
      json (~> 1.7, >= 1.7.7)
      minitest (~> 5.1)
      thread_safe (~> 0.3, >= 0.3.4)
      tzinfo (~> 1.1)
    awesome_print (1.6.1)
    builder (3.2.2)
    calabash-android (0.5.14)
      awesome_print (~> 1.2)
      cucumber (~> 1.3.17)
      escape (~> 0.0.4)
      httpclient (>= 2.3.2, < 3.0)
      json (~> 1.8)
      retriable (>= 1.3.3.1, < 1.5)
      rubyzip (~> 1.1)
      slowhandcuke (~> 0.0.3)
    calabash-common (0.0.2)
    calabash-cucumber (0.16.4)
      CFPropertyList
      awesome_print
      bundler (~> 1.3)
      calabash-common (~> 0.0.2)
      cucumber (~> 1.3.17)
      edn (>= 1.0.6, < 2.0)
      geocoder (>= 1.1.8, < 2.0)
      httpclient (>= 2.3.2, < 3.0)
      json
      run_loop (>= 1.5.5, < 2.0)
      sim_launcher (~> 0.4.13)
      slowhandcuke (~> 0.0.3)
    command_runner_ng (0.1.0)
    cucumber (1.3.20)
      builder (>= 2.1.2)
      diff-lcs (>= 1.1.3)
      gherkin (~> 2.12)
      multi_json (>= 1.7.5, < 2.0)
      multi_test (>= 0.1.2)
    diff-lcs (1.2.5)
    domain_name (0.5.25)
      unf (>= 0.0.5, < 1.0.0)
    edn (1.1.0)
    escape (0.0.4)
    factory_girl (4.5.0)
      activesupport (>= 3.0.0)
    geocoder (1.2.12)
    gherkin (2.12.2)
      multi_json (~> 1.3)
    http-cookie (1.0.2)
      domain_name (~> 0.5)
    httpclient (2.7.0)
    i18n (0.7.0)
    json (1.8.3)
    mime-types (2.6.2)
    minitest (5.8.2)
    multi_json (1.11.2)
    multi_test (0.1.2)
    netrc (0.11.0)
    rack (1.6.4)
    rack-protection (1.5.3)
      rack
    rest-client (1.8.0)
      http-cookie (>= 1.0.2, < 2.0)
      mime-types (>= 1.16, < 3.0)
      netrc (~> 0.7)
    retriable (1.4.1)
    rubyzip (1.1.7)
    run_loop (1.5.6)
      CFPropertyList (~> 2.2)
      awesome_print (~> 1.2)
      command_runner_ng (>= 0.0.2)
      json (~> 1.8)
      retriable (>= 1.3.3.1, < 2.1)
      thor (>= 0.18.1, < 1.0)
    sim_launcher (0.4.13)
      sinatra
    sinatra (1.4.6)
      rack (~> 1.4)
      rack-protection (~> 1.4)
      tilt (>= 1.3, < 3)
    slowhandcuke (0.0.3)
      cucumber
    thor (0.19.1)
    thread_safe (0.3.5)
    tilt (2.0.1)
    tzinfo (1.2.2)
      thread_safe (~> 0.1)
    unf (0.1.4)
      unf_ext
    unf_ext (0.0.7.1)
    xamarin-test-cloud (1.1.2)
      bundler (>= 1.3.0, < 2.0)
      json (~> 1.8)
      rest-client (~> 1.6)
      retriable (>= 1.3.3.1, < 2.1)
      rubyzip (~> 1.1)
      thor (>= 0.18.1, < 1.0)

PLATFORMS
  ruby

DEPENDENCIES
  calabash-android (= 0.5.14)
  calabash-cucumber (= 0.16.4)
  factory_girl (= 4.5.0)
  xamarin-test-cloud (= 1.1.2)

BUNDLED WITH
   1.10.6
